GEM
  remote: https://rubygems.org/
  specs:
    parslet (2.0.0)
    polyglot (0.3.5)
    treetop (1.6.10)
      polyglot (~> 0.3)

PLATFORMS
  ruby

DEPENDENCIES
  parslet (~> 2.0)
  treetop (~> 1.6, >= 1.6.10)

BUNDLED WITH
   2.0.2
