GEM
  remote: https://rubygems.org/
  specs:
    benchmark-ips (2.8.2)
    byebug (11.1.3)
    minitest (5.14.1)
    parslet (2.0.0)
    polyglot (0.3.5)
    rake (13.0.1)
    treetop (1.6.10)
      polyglot (~> 0.3)

PLATFORMS
  ruby

DEPENDENCIES
  benchmark-ips
  byebug
  minitest (~> 5.14, >= 5.14.1)
  parslet (~> 2.0)
  rake
  treetop (~> 1.6, >= 1.6.10)

BUNDLED WITH
   2.0.2
